GEM
  remote: https://rubygems.org/
  specs:
    daemons (1.1.9)
    eventmachine (1.0.3)
    guppy (1.0.5)
    haml (4.0.5)
      tilt
    rack (1.5.2)
    rack-protection (1.5.3)
      rack
    remote-sass (0.0.1)
      sass (~> 3.2)
    sass (3.4.9)
    sinatra (1.4.5)
      rack (~> 1.4)
      rack-protection (~> 1.4)
      tilt (~> 1.3, >= 1.3.4)
    thin (1.6.2)
      daemons (>= 1.0.9)
      eventmachine (>= 1.0.0)
      rack (>= 1.0.0)
    tilt (1.4.1)

PLATFORMS
  ruby

DEPENDENCIES
  guppy (= 1.0.5)
  haml
  remote-sass
  sass
  sinatra (= 1.4.5)
  thin
